GEM
  remote: https://rubygems.org/
  specs:
    webrick (1.7.0)

PLATFORMS
  x86_64-linux

DEPENDENCIES
  webrick

RUBY VERSION
   ruby 3.0.0p0

BUNDLED WITH
   2.2.3
